GIT
  remote: https://github.com/henriqueaf/correios_br.git
  revision: 4f4a19d1c42883be6c988603335b59edfc7a8308
  specs:
    correios_br (0.1.0)

GEM
  remote: https://rubygems.org/
  specs:
    axiom-types (0.1.1)
      descendants_tracker (~> 0.0.4)
      ice_nine (~> 0.11.0)
      thread_safe (~> 0.3, >= 0.3.1)
    byebug (11.0.1)
    coderay (1.1.2)
    coercible (1.0.0)
      descendants_tracker (~> 0.0.1)
    concurrent-ruby (1.1.5)
    descendants_tracker (0.0.4)
      thread_safe (~> 0.3, >= 0.3.1)
    dotenv (2.7.2)
    equalizer (0.0.11)
    faraday (0.15.4)
      multipart-post (>= 1.2, < 3)
    http_router (0.11.2)
      rack (>= 1.0.0)
      url_mount (~> 0.2.1)
    i18n (1.6.0)
      concurrent-ruby (~> 1.0)
    ice_nine (0.11.2)
    inflecto (0.0.2)
    lita (4.7.1)
      bundler (>= 1.3)
      faraday (>= 0.8.7)
      http_router (>= 0.11.2)
      i18n (>= 0.6.9)
      ice_nine (>= 0.11.0)
      multi_json (>= 1.7.7)
      puma (>= 2.7.1)
      rack (>= 1.5.2, < 2.0.0)
      rb-readline (>= 0.5.1)
      redis-namespace (>= 1.3.0)
      thor (>= 0.18.1)
    lita-telegram-plus (0.1.2)
      lita (>= 4.7)
      telegram-bot-ruby
    method_source (0.9.2)
    multi_json (1.13.1)
    multipart-post (2.0.0)
    pry (0.12.2)
      coderay (~> 1.1.0)
      method_source (~> 0.9.0)
    pry-byebug (3.7.0)
      byebug (~> 11.0)
      pry (~> 0.10)
    puma (3.12.1)
    rack (1.6.11)
    rb-readline (0.5.5)
    redis (4.1.0)
    redis-namespace (1.6.0)
      redis (>= 3.0.4)
    telegram-bot-ruby (0.8.6.1)
      faraday
      inflecto
      virtus
    thor (0.20.3)
    thread_safe (0.3.6)
    url_mount (0.2.1)
      rack
    virtus (1.0.5)
      axiom-types (~> 0.1)
      coercible (~> 1.0)
      descendants_tracker (~> 0.0, >= 0.0.3)
      equalizer (~> 0.0, >= 0.0.9)

PLATFORMS
  ruby

DEPENDENCIES
  correios_br!
  dotenv
  lita
  lita-telegram-plus
  pry-byebug

RUBY VERSION
   ruby 2.5.1p57

BUNDLED WITH
   1.16.2
